PATH
  remote: .
  specs:
    dynalock (0.2.0)
      aws-sdk-dynamodb

GEM
  remote: https://rubygems.org/
  specs:
    aws-partitions (1.44.0)
    aws-sdk-core (3.11.0)
      aws-partitions (~> 1.0)
      aws-sigv4 (~> 1.0)
      jmespath (~> 1.0)
    aws-sdk-dynamodb (1.3.0)
      aws-sdk-core (~> 3)
      aws-sigv4 (~> 1.0)
    aws-sigv4 (1.0.2)
    jmespath (1.3.1)
    minitest (5.10.3)
    rake (13.0.1)

PLATFORMS
  ruby

DEPENDENCIES
  bundler (~> 1.16)
  dynalock!
  minitest (~> 5.0)
  rake (~> 13.0)

BUNDLED WITH
   1.16.0
